GEM
  remote: http://rubygems.org/
  specs:
    diff-lcs (1.1.3)
    flexmock (0.9.0)
    growl_notify (0.0.1)
      rb-appscript
    guard (0.6.3)
      thor (~> 0.14.6)
    guard-rspec (0.4.5)
      guard (>= 0.4.0)
    open4 (1.1.0)
    procrastinate (0.3.1)
      state_machine (~> 0.9.4)
    rake (0.9.2)
    rb-appscript (0.6.1)
    rb-fsevent (0.4.3.1)
    rspec (2.6.0)
      rspec-core (~> 2.6.0)
      rspec-expectations (~> 2.6.0)
      rspec-mocks (~> 2.6.0)
    rspec-core (2.6.4)
    rspec-expectations (2.6.0)
      diff-lcs (~> 1.1.2)
    rspec-mocks (2.6.0)
    state_machine (0.9.4)
    text-highlight (1.0.2)
    thor (0.14.6)

PLATFORMS
  ruby

DEPENDENCIES
  flexmock
  growl_notify
  guard
  guard-rspec
  open4 (>= 0.9)
  procrastinate (~> 0.3)
  rake
  rb-fsevent
  rspec
  text-highlight (~> 1.0)
