GEM
  remote: http://rubygems.org/
  specs:
    diff-lcs (1.1.2)
    flexmock (0.8.11)
    growl (1.0.3)
    guard (0.6.3)
      thor (~> 0.14.6)
    open4 (1.0.1)
    procrastinate (0.3.0)
      state_machine (~> 0.9.4)
    rb-fsevent (0.4.3.1)
    rspec (2.3.0)
      rspec-core (~> 2.3.0)
      rspec-expectations (~> 2.3.0)
      rspec-mocks (~> 2.3.0)
    rspec-core (2.3.1)
    rspec-expectations (2.3.0)
      diff-lcs (~> 1.1.2)
    rspec-mocks (2.3.0)
    state_machine (0.9.4)
    text-highlight (1.0.2)
    thor (0.14.6)

PLATFORMS
  ruby

DEPENDENCIES
  flexmock
  growl
  guard
  open4 (>= 0.9)
  procrastinate (~> 0.3)
  rb-fsevent
  rspec
  text-highlight (~> 1.0)
