PATH
  remote: .
  specs:
    ndo (0.2.5)
      procrastinate (~> 0.4)
      text-highlight (~> 1.0)

GEM
  remote: http://rubygems.org/
  specs:
    cod (0.4.2)
    diff-lcs (1.1.3)
    flexmock (0.9.0)
    growl_notify (0.0.3)
      rb-appscript
    guard (0.8.8)
      thor (~> 0.14.6)
    guard-rspec (0.5.9)
      guard (>= 0.8.4)
    hpricot (0.8.5)
    mustache (0.99.4)
    procrastinate (0.4.1)
      cod (~> 0.4)
      state_machine (~> 0.9.4)
    rake (0.9.2.2)
    rb-appscript (0.6.1)
    rb-fsevent (0.4.3.1)
    rdiscount (1.6.8)
    ronn (0.7.3)
      hpricot (>= 0.8.2)
      mustache (>= 0.7.0)
      rdiscount (>= 1.5.8)
    rspec (2.7.0)
      rspec-core (~> 2.7.0)
      rspec-expectations (~> 2.7.0)
      rspec-mocks (~> 2.7.0)
    rspec-core (2.7.1)
    rspec-expectations (2.7.0)
      diff-lcs (~> 1.1.2)
    rspec-mocks (2.7.0)
    state_machine (0.9.4)
    text-highlight (1.0.2)
    thor (0.14.6)

PLATFORMS
  ruby

DEPENDENCIES
  flexmock
  growl_notify
  guard
  guard-rspec
  ndo!
  rake
  rb-fsevent
  ronn
  rspec
